GEM
  remote: https://rubygems.org/
  specs:
    activesupport (5.2.1)
      concurrent-ruby (~> 1.0, >= 1.0.2)
      i18n (>= 0.7, < 2)
      minitest (~> 5.1)
      tzinfo (~> 1.1)
    byebug (10.0.2)
    coderay (1.1.2)
    concurrent-ruby (1.0.5)
    i18n (1.1.0)
      concurrent-ruby (~> 1.0)
    method_source (0.9.0)
    mini_portile2 (2.8.0)
    minitest (5.11.3)
    mustermann (1.0.3)
    nokogiri (1.13.6)
      mini_portile2 (~> 2.8.0)
      racc (~> 1.4)
    pry (0.11.3)
      coderay (~> 1.1.0)
      method_source (~> 0.9.0)
    pry-byebug (3.6.0)
      byebug (~> 10.0)
      pry (~> 0.10)
    racc (1.6.0)
    rack (2.0.5)
    rack-protection (2.0.3)
      rack
    rake (12.3.1)
    sinatra (2.0.3)
      mustermann (~> 1.0)
      rack (~> 2.0)
      rack-protection (= 2.0.3)
      tilt (~> 2.0)
    spid (0.17.1)
      activesupport (>= 3.0.0, < 5.3)
      rack (>= 1, < 3)
      rake (>= 10.0, < 13)
      xmldsig (>= 0.6.6)
    spid-sinatra (0.3.0)
      sinatra
      spid (>= 0.17.0)
    thread_safe (0.3.6)
    tilt (2.0.8)
    tzinfo (1.2.5)
      thread_safe (~> 0.1)
    xmldsig (0.6.6)
      nokogiri (>= 1.6.8, < 2.0.0)

PLATFORMS
  ruby

DEPENDENCIES
  pry-byebug
  sinatra
  spid-sinatra

BUNDLED WITH
   1.16.2
